PATH
  remote: .
  specs:
    s3ranger (0.3.0)
      aws-sdk
      cmdparse

GEM
  remote: https://rubygems.org/
  specs:
    aws-sdk (1.16.0)
      json (~> 1.4)
      nokogiri (< 1.6.0)
      uuidtools (~> 2.1)
    bump (0.4.2)
    cmdparse (2.0.5)
    columnize (0.3.6)
    debugger (1.6.1)
      columnize (>= 0.3.1)
      debugger-linecache (~> 1.2.0)
      debugger-ruby_core_source (~> 1.2.3)
    debugger-linecache (1.2.0)
    debugger-ruby_core_source (1.2.3)
    diff-lcs (1.2.4)
    json (1.8.0)
    multi_json (1.7.9)
    nokogiri (1.5.10)
    rake (10.1.0)
    rspec (2.14.1)
      rspec-core (~> 2.14.0)
      rspec-expectations (~> 2.14.0)
      rspec-mocks (~> 2.14.0)
    rspec-core (2.14.5)
    rspec-expectations (2.14.2)
      diff-lcs (>= 1.1.3, < 2.0)
    rspec-mocks (2.14.3)
    simplecov (0.7.1)
      multi_json (~> 1.0)
      simplecov-html (~> 0.7.1)
    simplecov-html (0.7.1)
    uuidtools (2.1.4)

PLATFORMS
  ruby

DEPENDENCIES
  bump
  bundler (~> 1.3)
  debugger
  rake
  rspec
  s3ranger!
  simplecov
